{
    "AcquisitionNumber": 1,
    "AcquisitionTime": "10:35:02.522500",
    "BrainVoyagerInfo": {
        "AcquisitionTime": "103502.522500",
        "CalculatedDicomSlice1CenterX": -3.40557861328125,
        "CalculatedDicomSlice1CenterY": 1.0385143756866455,
        "CalculatedDicomSlice1CenterZ": -22.146099090576172,
        "CalculatedDicomSliceNCenterX": -3.40557861328125,
        "CalculatedDicomSliceNCenterY": 16.90374755859375,
        "CalculatedDicomSliceNCenterZ": 25.270082473754883,
        "CoordinateSystem": 1,
        "DataStorageFormat": 2,
        "DataType": 2,
        "DicomColDirX": 0,
        "DicomColDirY": 0.948323667049408,
        "DicomColDirZ": -0.31730467081069946,
        "DicomFoVCols": 208,
        "DicomFoVRows": 208,
        "DicomGapThickness": 0,
        "DicomNCols": 208,
        "DicomNRows": 208,
        "DicomPosInfoPresent": 1,
        "DicomRowDirX": 1,
        "DicomRowDirY": 0,
        "DicomRowDirZ": 0,
        "DicomSliceThickness": 1,
        "DocumentType": "FMR",
        "MultiBandSequence": true,
        "NrOfPastSpatialTransformations": 0,
        "NrOfPreprocessingSteps": 0,
        "NrOfSkippedVolumes": 0,
        "Protocol": {
            "Conditions": [
                {
                    "ColorB": 255,
                    "ColorG": 0,
                    "ColorR": 255,
                    "IntervalsFrom": [
                        17,
                        81,
                        145,
                        209,
                        273
                    ],
                    "IntervalsTo": [
                        32,
                        96,
                        160,
                        224,
                        288
                    ],
                    "Name": "Face",
                    "NrOfIntervals": 5
                },
                {
                    "ColorB": 0,
                    "ColorG": 168,
                    "ColorR": 0,
                    "IntervalsFrom": [
                        49,
                        113,
                        177,
                        241,
                        305
                    ],
                    "IntervalsTo": [
                        64,
                        128,
                        192,
                        256,
                        320
                    ],
                    "Name": "Hand",
                    "NrOfIntervals": 5
                }
            ],
            "FileName": "sub-13_ses-01_iso1_run-1.prt",
            "Name": "newbi4fmri_VAR9_7T",
            "NrOfConditions": 2,
            "TimeCourseColors": {
                "RefTCPenThick": 3,
                "RefTimeCourseB": 80,
                "RefTimeCourseG": 0,
                "RefTimeCourseR": 0,
                "TCBackColorB": 0,
                "TCBackColorG": 0,
                "TCBackColorR": 0,
                "TCPenThick": 3,
                "TCTextColorB": 255,
                "TCTextColorG": 255,
                "TCTextColorR": 255,
                "TimeCourseB": 255,
                "TimeCourseG": 255,
                "TimeCourseR": 255
            },
            "TimeResolution": "Volumes"
        },
        "SliceAcquisitionOrder": 3,
        "SliceAcquisitionOrderVerified": true,
        "SliceGap": 0,
        "SliceThickness": 1,
        "SliceTimingTable": [
            0,
            0.5325,
            0.06,
            0.59,
            0.1175,
            0.65,
            0.1775,
            0.7075,
            0.235,
            0.7675,
            0.295,
            0.8275,
            0.355,
            0.885,
            0.4125,
            0.945,
            0.4725,
            0,
            0.5325,
            0.06,
            0.59,
            0.1175,
            0.65,
            0.1775,
            0.7075,
            0.235,
            0.7675,
            0.295,
            0.8275,
            0.355,
            0.885,
            0.4125,
            0.945,
            0.4725,
            0,
            0.5325,
            0.06,
            0.59,
            0.1175,
            0.65,
            0.1775,
            0.7075,
            0.235,
            0.7675,
            0.295,
            0.8275,
            0.355,
            0.885,
            0.4125,
            0.945,
            0.4725
        ],
        "SliceTimingTableSize": 51,
        "TE": 0.02,
        "TR": 1,
        "TimeResolutionVerified": true,
        "Version": 1,
        "VoxelResolutionVerified": true
    },
    "ConversionSoftware": "BrainVoyager",
    "ConversionSoftwareVersion": "22.0.0.4415",
    "ImageNumber": 1,
    "ImageOrientationPatientDICOM": [
        1,
        -2e-16,
        0,
        2e-16,
        0.9483236491687,
        -0.3173046744493
    ],
    "ImagePositionPatientDICOM": [
        -834.90556907654,
        -787.49262514171,
        241.6927386993
    ],
    "ImageType": "ORIGINAL PRIMARY M MB ND MOSAIC",
    "MagneticFieldStrength": 6.98,
    "Manufacturer": "SIEMENS",
    "ManufacturersModelName": "Investigational_Device_7T",
    "Modality": "MR",
    "NrOfTemporalPositions": 0,
    "PatientPosition": "HFS",
    "RepetitionTime": 1,
    "SeriesDescription": "mbep2d_bold_mb3_p3_AP 1iso",
    "SeriesNumber": 22,
    "SiemensMosaicSliceAcqOrder": 3,
    "SiemensMosaicTE": 0.02,
    "SiemensMosaicTR": 1,
    "SliceThickness": 1,
    "SliceTiming": [
        0,
        0.5325,
        0.06,
        0.59,
        0.1175,
        0.65,
        0.1775,
        0.7075,
        0.235,
        0.7675,
        0.295,
        0.8275,
        0.355,
        0.885,
        0.4125,
        0.945,
        0.4725,
        0,
        0.5325,
        0.06,
        0.59,
        0.1175,
        0.65,
        0.1775,
        0.7075,
        0.235,
        0.7675,
        0.295,
        0.8275,
        0.355,
        0.885,
        0.4125,
        0.945,
        0.4725,
        0,
        0.5325,
        0.06,
        0.59,
        0.1175,
        0.65,
        0.1775,
        0.7075,
        0.235,
        0.7675,
        0.295,
        0.8275,
        0.355,
        0.885,
        0.4125,
        0.945,
        0.4725
    ],
    "StudyDescription": "newbi4fmri_VAR9_7T",
    "TaskName": "newbi4fmri_VAR9_7T"
}
