{
    "AcquisitionNumber": 1,
    "AcquisitionTime": "10:51:10.195000",
    "BrainVoyagerInfo": {
        "AcquisitionTime": "105110.195000",
        "CalculatedDicomSlice1CenterX": -4.39127779006958,
        "CalculatedDicomSlice1CenterY": -10.52599811553955,
        "CalculatedDicomSlice1CenterZ": -53.6021728515625,
        "CalculatedDicomSliceNCenterX": -4.39127779006958,
        "CalculatedDicomSliceNCenterY": 26.598648071289062,
        "CalculatedDicomSliceNCenterZ": 57.3516960144043,
        "CoordinateSystem": 1,
        "DataStorageFormat": 2,
        "DataType": 2,
        "DicomColDirX": 0,
        "DicomColDirY": 0.948323667049408,
        "DicomColDirZ": -0.31730467081069946,
        "DicomFoVCols": 208,
        "DicomFoVRows": 208,
        "DicomGapThickness": 0,
        "DicomNCols": 70,
        "DicomNRows": 70,
        "DicomPosInfoPresent": 1,
        "DicomRowDirX": 1,
        "DicomRowDirY": 0,
        "DicomRowDirZ": 0,
        "DicomSliceThickness": 3,
        "DocumentType": "FMR",
        "MultiBandSequence": true,
        "NrOfPastSpatialTransformations": 0,
        "NrOfPreprocessingSteps": 0,
        "NrOfSkippedVolumes": 0,
        "Protocol": {
            "Conditions": [
                {
                    "ColorB": 255,
                    "ColorG": 0,
                    "ColorR": 255,
                    "IntervalsFrom": [
                        17,
                        81,
                        145,
                        209,
                        273
                    ],
                    "IntervalsTo": [
                        32,
                        96,
                        160,
                        224,
                        288
                    ],
                    "Name": "Face",
                    "NrOfIntervals": 5
                },
                {
                    "ColorB": 0,
                    "ColorG": 168,
                    "ColorR": 0,
                    "IntervalsFrom": [
                        49,
                        113,
                        177,
                        241,
                        305
                    ],
                    "IntervalsTo": [
                        64,
                        128,
                        192,
                        256,
                        320
                    ],
                    "Name": "Hand",
                    "NrOfIntervals": 5
                }
            ],
            "FileName": "sub-13_ses-01_iso3_run-1.prt",
            "Name": "newbi4fmri_VAR9_7T",
            "NrOfConditions": 2,
            "TimeCourseColors": {
                "RefTCPenThick": 3,
                "RefTimeCourseB": 80,
                "RefTimeCourseG": 0,
                "RefTimeCourseR": 0,
                "TCBackColorB": 0,
                "TCBackColorG": 0,
                "TCBackColorR": 0,
                "TCPenThick": 3,
                "TCTextColorB": 255,
                "TCTextColorG": 255,
                "TCTextColorR": 255,
                "TimeCourseB": 255,
                "TimeCourseG": 255,
                "TimeCourseR": 255
            },
            "TimeResolution": "Volumes"
        },
        "SliceAcquisitionOrder": 5,
        "SliceAcquisitionOrderVerified": true,
        "SliceGap": 0,
        "SliceThickness": 3,
        "SliceTimingTable": [
            0,
            0.4525,
            0.905,
            0.3525,
            0.8025,
            0.2525,
            0.7025,
            0.15,
            0.6025,
            0.05,
            0.5025,
            0.955,
            0.4025,
            0.8525,
            0.3025,
            0.7525,
            0.2025,
            0.6525,
            0.1,
            0.5525,
            0,
            0.4525,
            0.905,
            0.3525,
            0.8025,
            0.2525,
            0.7025,
            0.15,
            0.6025,
            0.05,
            0.5025,
            0.955,
            0.4025,
            0.8525,
            0.3025,
            0.7525,
            0.2025,
            0.6525,
            0.1,
            0.5525
        ],
        "SliceTimingTableSize": 40,
        "TE": 0.02,
        "TR": 1,
        "TimeResolutionVerified": true,
        "Version": 1,
        "VoxelResolutionVerified": true
    },
    "ConversionSoftware": "BrainVoyager",
    "ConversionSoftwareVersion": "22.0.0.4415",
    "ImageNumber": 1,
    "ImageOrientationPatientDICOM": [
        1,
        -2e-16,
        0,
        2e-16,
        0.9483236491687,
        -0.3173046744493
    ],
    "ImagePositionPatientDICOM": [
        -730.90558409691,
        -699.49668577826,
        176.92421462546
    ],
    "ImageType": "ORIGINAL PRIMARY M MB ND MOSAIC",
    "MagneticFieldStrength": 6.98,
    "Manufacturer": "SIEMENS",
    "ManufacturersModelName": "Investigational_Device_7T",
    "Modality": "MR",
    "NrOfTemporalPositions": 0,
    "PatientPosition": "HFS",
    "RepetitionTime": 1,
    "SeriesDescription": "mbep2d_bold_mb2_p3_AP 3iso",
    "SeriesNumber": 29,
    "SiemensMosaicSliceAcqOrder": 3,
    "SiemensMosaicTE": 0.02,
    "SiemensMosaicTR": 1,
    "SliceThickness": 3,
    "SliceTiming": [
        0,
        0.4525,
        0.905,
        0.3525,
        0.8025,
        0.2525,
        0.7025,
        0.15,
        0.6025,
        0.05,
        0.5025,
        0.955,
        0.4025,
        0.8525,
        0.3025,
        0.7525,
        0.2025,
        0.6525,
        0.1,
        0.5525,
        0,
        0.4525,
        0.905,
        0.3525,
        0.8025,
        0.2525,
        0.7025,
        0.15,
        0.6025,
        0.05,
        0.5025,
        0.955,
        0.4025,
        0.8525,
        0.3025,
        0.7525,
        0.2025,
        0.6525,
        0.1,
        0.5525
    ],
    "StudyDescription": "newbi4fmri_VAR9_7T",
    "TaskName": "newbi4fmri_VAR9_7T"
}
