{
    "AcquisitionNumber": 1,
    "AcquisitionTime": "10:41:37.962500",
    "BrainVoyagerInfo": {
        "AcquisitionTime": "104137.962500",
        "CalculatedDicomSlice1CenterX": -3.90557861328125,
        "CalculatedDicomSlice1CenterY": -5.147124290466309,
        "CalculatedDicomSlice1CenterZ": -39.05726623535156,
        "CalculatedDicomSliceNCenterX": -3.90557861328125,
        "CalculatedDicomSliceNCenterY": 22.141077041625977,
        "CalculatedDicomSliceNCenterZ": 42.49856948852539,
        "CoordinateSystem": 1,
        "DataStorageFormat": 2,
        "DataType": 2,
        "DicomColDirX": 0,
        "DicomColDirY": 0.948323667049408,
        "DicomColDirZ": -0.31730467081069946,
        "DicomFoVCols": 208,
        "DicomFoVRows": 208,
        "DicomGapThickness": 0,
        "DicomNCols": 104,
        "DicomNRows": 104,
        "DicomPosInfoPresent": 1,
        "DicomRowDirX": 1,
        "DicomRowDirY": 0,
        "DicomRowDirZ": 0,
        "DicomSliceThickness": 2,
        "DocumentType": "FMR",
        "MultiBandSequence": true,
        "NrOfPastSpatialTransformations": 0,
        "NrOfPreprocessingSteps": 0,
        "NrOfSkippedVolumes": 0,
        "Protocol": {
            "Conditions": [
                {
                    "ColorB": 255,
                    "ColorG": 0,
                    "ColorR": 255,
                    "IntervalsFrom": [
                        17,
                        81,
                        145,
                        209,
                        273
                    ],
                    "IntervalsTo": [
                        32,
                        96,
                        160,
                        224,
                        288
                    ],
                    "Name": "Face",
                    "NrOfIntervals": 5
                },
                {
                    "ColorB": 0,
                    "ColorG": 168,
                    "ColorR": 0,
                    "IntervalsFrom": [
                        49,
                        113,
                        177,
                        241,
                        305
                    ],
                    "IntervalsTo": [
                        64,
                        128,
                        192,
                        256,
                        320
                    ],
                    "Name": "Hand",
                    "NrOfIntervals": 5
                }
            ],
            "FileName": "sub-13_ses-01_iso2_run-1.prt",
            "Name": "newbi4fmri_VAR9_7T",
            "NrOfConditions": 2,
            "TimeCourseColors": {
                "RefTCPenThick": 3,
                "RefTimeCourseB": 80,
                "RefTimeCourseG": 0,
                "RefTimeCourseR": 0,
                "TCBackColorB": 0,
                "TCBackColorG": 0,
                "TCBackColorR": 0,
                "TCPenThick": 3,
                "TCTextColorB": 255,
                "TCTextColorG": 255,
                "TCTextColorR": 255,
                "TimeCourseB": 255,
                "TimeCourseG": 255,
                "TimeCourseR": 255
            },
            "TimeResolution": "Volumes"
        },
        "SliceAcquisitionOrder": 5,
        "SliceAcquisitionOrderVerified": true,
        "SliceGap": 0,
        "SliceThickness": 2,
        "SliceTimingTable": [
            0,
            0.2275,
            0.455,
            0.6825,
            0.9125,
            0.135,
            0.365,
            0.5925,
            0.82,
            0.045,
            0.2725,
            0.5,
            0.73,
            0.9575,
            0.1825,
            0.41,
            0.6375,
            0.865,
            0.09,
            0.3175,
            0.5475,
            0.775,
            0,
            0.2275,
            0.455,
            0.6825,
            0.9125,
            0.135,
            0.365,
            0.5925,
            0.82,
            0.045,
            0.2725,
            0.5,
            0.73,
            0.9575,
            0.1825,
            0.41,
            0.6375,
            0.865,
            0.09,
            0.3175,
            0.5475,
            0.775
        ],
        "SliceTimingTableSize": 44,
        "TE": 0.02,
        "TR": 1,
        "TimeResolutionVerified": true,
        "Version": 1,
        "VoxelResolutionVerified": true
    },
    "ConversionSoftware": "BrainVoyager",
    "ConversionSoftwareVersion": "22.0.0.4415",
    "ImageNumber": 1,
    "ImageOrientationPatientDICOM": [
        1,
        -2e-16,
        0,
        2e-16,
        0.9483236491687,
        -0.3173046744493
    ],
    "ImagePositionPatientDICOM": [
        -730.90556907654,
        -694.57844958355,
        191.62322643047
    ],
    "ImageType": "ORIGINAL PRIMARY M MB ND MOSAIC",
    "MagneticFieldStrength": 6.98,
    "Manufacturer": "SIEMENS",
    "ManufacturersModelName": "Investigational_Device_7T",
    "Modality": "MR",
    "NrOfTemporalPositions": 0,
    "PatientPosition": "HFS",
    "RepetitionTime": 1,
    "SeriesDescription": "mbep2d_bold_mb2_p3_AP 2iso",
    "SeriesNumber": 24,
    "SiemensMosaicSliceAcqOrder": 3,
    "SiemensMosaicTE": 0.02,
    "SiemensMosaicTR": 1,
    "SliceThickness": 2,
    "SliceTiming": [
        0,
        0.2275,
        0.455,
        0.6825,
        0.9125,
        0.135,
        0.365,
        0.5925,
        0.82,
        0.045,
        0.2725,
        0.5,
        0.73,
        0.9575,
        0.1825,
        0.41,
        0.6375,
        0.865,
        0.09,
        0.3175,
        0.5475,
        0.775,
        0,
        0.2275,
        0.455,
        0.6825,
        0.9125,
        0.135,
        0.365,
        0.5925,
        0.82,
        0.045,
        0.2725,
        0.5,
        0.73,
        0.9575,
        0.1825,
        0.41,
        0.6375,
        0.865,
        0.09,
        0.3175,
        0.5475,
        0.775
    ],
    "StudyDescription": "newbi4fmri_VAR9_7T",
    "TaskName": "newbi4fmri_VAR9_7T"
}
